GEM
  remote: https://rubygems.org/
  specs:
    json (2.1.0)
    kgio (2.11.0)
    mcollective-client (2.11.1)
      json
      stomp
      systemu
    mustermann (1.0.0)
    rack (2.0.3)
    rack-protection (2.0.0)
      rack
    raindrops (0.18.0)
    sinatra (2.0.0)
      mustermann (~> 1.0)
      rack (~> 2.0)
      rack-protection (= 2.0.0)
      tilt (~> 2.0)
    stomp (1.4.4)
    systemu (2.6.5)
    tilt (2.0.7)
    unicorn (5.3.0)
      kgio (~> 2.6)
      raindrops (~> 0.7)

PLATFORMS
  ruby

DEPENDENCIES
  mcollective-client
  sinatra
  unicorn

BUNDLED WITH
   1.14.6
